GEM
  remote: https://rubygems.org/
  specs:
    faraday (0.17.1)
      multipart-post (>= 1.2, < 3)
    faraday_middleware (0.13.1)
      faraday (>= 0.7.4, < 1.0)
    json (2.3.0)
    multipart-post (2.1.1)

PLATFORMS
  ruby

DEPENDENCIES
  faraday
  faraday_middleware
  json

RUBY VERSION
   ruby 2.6.5p114

BUNDLED WITH
   2.0.2
